GIT
  remote: git://github.com/davidakachaos/metric_fu.git
  revision: 065c2db5712bae9cb07d6da2d3fd3682e7190c46
  specs:
    metric_fu (2.1.2)
      activesupport (>= 2.0.0)
      arrayfields (>= 4.7.4)
      chronic (~> 0.3.0)
      churn (>= 0.0.7)
      fattr (>= 2.2.0)
      flay (>= 1.2.1)
      flog (>= 2.3.0)
      japgolly-Saikuro (>= 1.1.1.0)
      map (>= 4.3.0)
      rails_best_practices (>= 0.6.4)
      reek (>= 1.2.6)
      roodi (>= 2.1.0)
      simplecov-rcov (>= 0.2.3)
      syntax (>= 1.0.0)

PATH
  remote: .
  specs:
    metrical (0.1.0)
      metric_fu (~> 2.1.1)
      rcov (~> 0.9)

GEM
  remote: http://rubygems.org/
  specs:
    activesupport (3.2.3)
      i18n (~> 0.6)
      multi_json (~> 1.0)
    arrayfields (4.7.4)
    chronic (0.3.0)
    churn (0.0.13)
      chronic (>= 0.2.3)
      hirb
      json_pure
      main
      ruby_parser (~> 2.0.4)
      sexp_processor (~> 3.0.3)
    colored (1.2)
    diff-lcs (1.1.3)
    erubis (2.7.0)
    fattr (2.2.1)
    flay (1.4.3)
      ruby_parser (~> 2.0)
      sexp_processor (~> 3.0)
    flog (2.5.3)
      ruby_parser (~> 2.0)
      sexp_processor (~> 3.0)
    hirb (0.6.2)
    i18n (0.6.0)
    japgolly-Saikuro (1.1.1.0)
    json_pure (1.6.6)
    main (4.7.1)
    map (5.5.0)
    multi_json (1.2.0)
    progressbar (0.11.0)
    rails_best_practices (1.9.0)
      activesupport
      colored
      erubis
      i18n
      progressbar
      sexp_processor
    rake (0.9.2.2)
    rcov (0.9.11)
    reek (1.2.8)
      ruby2ruby (~> 1.2)
      ruby_parser (~> 2.0)
      sexp_processor (~> 3.0)
    roodi (2.1.0)
      ruby_parser
    rspec (2.9.0)
      rspec-core (~> 2.9.0)
      rspec-expectations (~> 2.9.0)
      rspec-mocks (~> 2.9.0)
    rspec-core (2.9.0)
    rspec-expectations (2.9.1)
      diff-lcs (~> 1.1.3)
    rspec-mocks (2.9.0)
    ruby2ruby (1.3.1)
      ruby_parser (~> 2.0)
      sexp_processor (~> 3.0)
    ruby_parser (2.0.6)
      sexp_processor (~> 3.0)
    sexp_processor (3.0.10)
    simplecov (0.6.1)
      multi_json (~> 1.0)
      simplecov-html (~> 0.5.3)
    simplecov-html (0.5.3)
    simplecov-rcov (0.2.3)
      simplecov (>= 0.4.1)
    syntax (1.0.0)

PLATFORMS
  ruby

DEPENDENCIES
  metric_fu!
  metrical!
  rake
  rspec (~> 2.9)
